PATH
  remote: .
  specs:
    speedup_mortgage (0.1.1)

GEM
  remote: https://rubygems.org/
  specs:
    rake (10.5.0)

PLATFORMS
  ruby

DEPENDENCIES
  bundler (~> 2.0)
  rake (~> 10.0)
  speedup_mortgage!

RUBY VERSION
   ruby 2.3.7p456

BUNDLED WITH
   2.0.1
